GEM
  remote: https://rubygems.org/
  specs:
    rack (1.5.2)
    rack-rewrite (1.3.3)
    rake (10.0.4)

PLATFORMS
  ruby

DEPENDENCIES
  rack
  rack-rewrite
  rake
